GEM
  remote: https://rubygems.org/
  specs:
    htmlentities (4.3.4)
    mini_portile (0.6.2)
    minitest (5.8.4)
    nokogiri (1.6.6.2)
      mini_portile (~> 0.6.0)
    rake (10.5.0)

PLATFORMS
  ruby

DEPENDENCIES
  bundler
  htmlentities
  minitest
  nokogiri
  rake

BUNDLED WITH
   1.12.3
