GEM
  specs:
    mini_portile (0.6.2)
    minitest (5.8.4)
    nokogiri (1.6.6.2)
      mini_portile (~> 0.6.0)
    rake (10.5.0)

PLATFORMS
  ruby

DEPENDENCIES
  bundler
  minitest
  nokogiri
  rake

BUNDLED WITH
   1.10.6
